GIT
  remote: https://github.com/strongself/Generamba
  revision: 615354cce55d00de253bea93d6808665e785c4e8
  branch: develop
  specs:
    generamba (1.6.0)
      cocoapods-core (>= 1.4.0, < 2.0.0)
      git (= 1.2.9.1)
      liquid (= 4.0.0)
      terminal-table (= 1.4.5)
      thor (= 0.19.1)
      xcodeproj (>= 1.6.0, < 2.0.0)

GEM
  remote: https://rubygems.org/
  specs:
    CFPropertyList (3.0.2)
    activesupport (5.2.4.1)
      concurrent-ruby (~> 1.0, >= 1.0.2)
      i18n (>= 0.7, < 2)
      minitest (~> 5.1)
      tzinfo (~> 1.1)
    algoliasearch (1.27.1)
      httpclient (~> 2.8, >= 2.8.3)
      json (>= 1.5.1)
    atomos (0.1.3)
    claide (1.0.3)
    cocoapods-core (1.8.4)
      activesupport (>= 4.0.2, < 6)
      algoliasearch (~> 1.0)
      concurrent-ruby (~> 1.1)
      fuzzy_match (~> 2.0.4)
      nap (~> 1.0)
    colored2 (3.1.2)
    concurrent-ruby (1.1.5)
    fuzzy_match (2.0.4)
    git (1.2.9.1)
    httpclient (2.8.3)
    i18n (1.8.2)
      concurrent-ruby (~> 1.0)
    json (2.3.0)
    liquid (4.0.0)
    minitest (5.14.0)
    nanaimo (0.2.6)
    nap (1.1.0)
    terminal-table (1.4.5)
    thor (0.19.1)
    thread_safe (0.3.6)
    tzinfo (1.2.6)
      thread_safe (~> 0.1)
    xcodeproj (1.14.0)
      CFPropertyList (>= 2.3.3, < 4.0)
      atomos (~> 0.1.3)
      claide (>= 1.0.2, < 2.0)
      colored2 (~> 3.1)
      nanaimo (~> 0.2.6)

PLATFORMS
  ruby

DEPENDENCIES
  generamba!

BUNDLED WITH
   1.17.2
